GEM
  remote: https://rubygems.org/
  specs:
    ast (2.4.2)
    async (2.2.1)
      console (~> 1.10)
      io-event (~> 1.1.0)
      timers (~> 4.1)
    async-http (0.59.3)
      async (>= 1.25)
      async-io (>= 1.28)
      async-pool (>= 0.2)
      protocol-http (~> 0.23.1)
      protocol-http1 (~> 0.14.0)
      protocol-http2 (~> 0.14.0)
      traces (>= 0.8.0)
    async-io (1.34.0)
      async
    async-pool (0.3.12)
      async (>= 1.25)
    base58-alphabets (1.0.0)
    brotli (0.4.0)
    coderay (1.1.3)
    console (1.16.2)
      fiber-local
    diff-lcs (1.5.0)
    fiber-local (1.0.0)
    io-event (1.1.2)
    method_source (1.0.0)
    parser (3.1.2.1)
      ast (~> 2.4.1)
    protocol-hpack (1.4.2)
    protocol-http (0.23.12)
    protocol-http1 (0.14.6)
      protocol-http (~> 0.22)
    protocol-http2 (0.14.2)
      protocol-hpack (~> 1.4)
      protocol-http (~> 0.18)
    pry (0.14.1)
      coderay (~> 1.1)
      method_source (~> 1.0)
    timers (4.3.5)
    traces (0.8.0)
    unparser (0.6.5)
      diff-lcs (~> 1.3)
      parser (>= 3.1.0)

PLATFORMS
  x86_64-darwin-20

DEPENDENCIES
  async
  async-http
  base58-alphabets
  brotli
  parser
  pry
  unparser

BUNDLED WITH
   2.3.25
