PATH
  remote: .
  specs:
    vandalay (0.0.1)
      async
      async-http
      base58-alphabets
      brotli
      parser
      pry
      sorbet-runtime
      unparser

GEM
  remote: https://rubygems.org/
  specs:
    ast (2.4.2)
    async (2.2.1)
      console (~> 1.10)
      io-event (~> 1.1.0)
      timers (~> 4.1)
    async-http (0.59.3)
      async (>= 1.25)
      async-io (>= 1.28)
      async-pool (>= 0.2)
      protocol-http (~> 0.23.1)
      protocol-http1 (~> 0.14.0)
      protocol-http2 (~> 0.14.0)
      traces (>= 0.8.0)
    async-io (1.34.0)
      async
    async-pool (0.3.12)
      async (>= 1.25)
    base58-alphabets (1.0.0)
    brotli (0.4.0)
    coderay (1.1.3)
    console (1.16.2)
      fiber-local
    diff-lcs (1.5.0)
    fiber-local (1.0.0)
    io-event (1.1.2)
    method_source (1.0.0)
    netrc (0.11.0)
    parallel (1.22.1)
    parser (3.1.2.1)
      ast (~> 2.4.1)
    protocol-hpack (1.4.2)
    protocol-http (0.23.12)
    protocol-http1 (0.14.6)
      protocol-http (~> 0.22)
    protocol-http2 (0.14.2)
      protocol-hpack (~> 1.4)
      protocol-http (~> 0.18)
    pry (0.14.1)
      coderay (~> 1.1)
      method_source (~> 1.0)
    rbi (0.0.16)
      ast
      parser (>= 2.6.4.0)
      sorbet-runtime (>= 0.5.9204)
      unparser
    sorbet (0.5.10563)
      sorbet-static (= 0.5.10563)
    sorbet-runtime (0.5.10563)
    sorbet-static (0.5.10563-universal-darwin-20)
    sorbet-static-and-runtime (0.5.10563)
      sorbet (= 0.5.10563)
      sorbet-runtime (= 0.5.10563)
    spoom (1.1.12)
      sorbet (>= 0.5.9204)
      sorbet-runtime (>= 0.5.9204)
      thor (>= 0.19.2)
    tapioca (0.10.3)
      bundler (>= 1.17.3)
      netrc (>= 0.11.0)
      parallel (>= 1.21.0)
      rbi (~> 0.0.0, >= 0.0.16)
      sorbet-static-and-runtime (>= 0.5.9892)
      spoom (~> 1.1.0, >= 1.1.11)
      thor (>= 1.2.0)
      yard-sorbet
    thor (1.2.1)
    timers (4.3.5)
    traces (0.8.0)
    unparser (0.6.5)
      diff-lcs (~> 1.3)
      parser (>= 3.1.0)
    webrick (1.7.0)
    yard (0.9.28)
      webrick (~> 1.7.0)
    yard-sorbet (0.7.0)
      sorbet-runtime (>= 0.5)
      yard (>= 0.9)

PLATFORMS
  x86_64-darwin-20

DEPENDENCIES
  sorbet
  tapioca
  vandalay!

BUNDLED WITH
   2.3.25
